PATH
  remote: .
  specs:
    huseyin_aygun_tool (0.1.1)

GEM
  remote: https://rubygems.org/
  specs:
    minitest (5.11.3)
    rake (10.5.0)

PLATFORMS
  ruby

DEPENDENCIES
  bundler (~> 1.17)
  huseyin_aygun_tool!
  minitest (~> 5.0)
  rake (~> 10.0)

BUNDLED WITH
   1.17.1
